PATH
  remote: .
  specs:
    motion-altimeter (0.0.1)

GEM
  remote: https://rubygems.org/
  specs:
    rake (10.4.2)

PLATFORMS
  ruby

DEPENDENCIES
  motion-altimeter!
  rake
